PATH
  remote: /home/meh/projects/opal/browser
  specs:
    opal-browser (0.1.0.beta1)
      opal (>= 0.5.5)
      paggio

PATH
  remote: /home/meh/projects/opal/lissio
  specs:
    lissio (0.1.0.beta3)
      opal (>= 0.6.0)
      opal-browser
      rack
      thor

PATH
  remote: /home/meh/projects/opal/opal
  specs:
    opal (0.6.0)
      source_map
      sprockets

PATH
  remote: /home/meh/projects/ruby/paggio
  specs:
    paggio (0.2.2)

GEM
  remote: http://rubygems.org/
  specs:
    hike (1.2.3)
    json (1.8.1)
    multi_json (1.8.2)
    puma (2.7.1)
      rack (>= 1.1, < 2.0)
    rack (1.5.2)
    source_map (3.0.1)
      json
    sprockets (2.10.1)
      hike (~> 1.2)
      multi_json (~> 1.0)
      rack (~> 1.0)
      tilt (~> 1.1, != 1.3.0)
    thor (0.18.1)
    tilt (1.4.1)

PLATFORMS
  ruby

DEPENDENCIES
  lissio!
  opal!
  opal-browser!
  paggio!
  puma
