GIT
  remote: git://github.com/meh/lissio.git
  revision: a5c7b2e35e36aba8a0bd3fbf1371be65a0742f7d
  specs:
    lissio (0.1.0.beta3)
      opal (>= 0.6.0)
      opal-browser
      rack
      thor

GIT
  remote: git://github.com/meh/paggio.git
  revision: ee0c977f12e338e303cb3e2731281fbc891fec8f
  specs:
    paggio (0.2.3)

GIT
  remote: git://github.com/opal/opal-browser.git
  revision: f19925f73fbb845c1ea8951506703131f94c3ed7
  specs:
    opal-browser (0.1.0.beta1)
      opal (>= 0.5.5)
      paggio

GIT
  remote: git://github.com/opal/opal.git
  revision: bafc36ad00bc8fa66ad8dd3ac84b499382f350df
  specs:
    opal (0.6.0)
      source_map
      sprockets

GEM
  remote: http://rubygems.org/
  specs:
    hike (1.2.3)
    json (1.8.1)
    multi_json (1.8.2)
    puma (2.7.1)
      rack (>= 1.1, < 2.0)
    rack (1.5.2)
    source_map (3.0.1)
      json
    sprockets (2.10.1)
      hike (~> 1.2)
      multi_json (~> 1.0)
      rack (~> 1.0)
      tilt (~> 1.1, != 1.3.0)
    thor (0.18.1)
    tilt (1.4.1)

PLATFORMS
  ruby

DEPENDENCIES
  lissio!
  opal!
  opal-browser!
  paggio!
  puma
